GEM
  remote: https://rubygems.org/
  specs:
    rack (2.0.4)
    sequel (5.6.0)

PLATFORMS
  ruby

DEPENDENCIES
  rack
  sequel

BUNDLED WITH
   1.16.0
